GEM
  remote: https://rubygems.org/
  specs:
    date (3.2.2)
    nokogiri (1.13.6-x86_64-linux)
      racc (~> 1.4)
    open-uri (0.2.0)
      stringio
      time
      uri
    pdf-core (0.9.0)
    prawn (2.4.0)
      pdf-core (~> 0.9.0)
      ttfunk (~> 1.7)
    racc (1.6.0)
    stringio (3.0.2)
    time (0.2.0)
      date
    ttfunk (1.7.0)
    uri (0.11.0)

PLATFORMS
  x86_64-linux

DEPENDENCIES
  nokogiri
  open-uri
  prawn

BUNDLED WITH
   2.3.13
